GEM
  remote: https://rubygems.org/
  specs:
    git (1.3.0)
    logger (1.2.8)
    trollop (2.1.2)

PLATFORMS
  ruby

DEPENDENCIES
  git
  logger
  trollop (~> 2.1, >= 2.1.2)

BUNDLED WITH
   1.15.1
